GEM
  remote: https://rubygems.org/
  specs:
    HDRHistogram (0.1.3)
    amq-protocol (2.3.0)
    benchmark-ips (2.7.2)
    bunny (2.6.0)
      amq-protocol (>= 2.0.1)
    concurrent-ruby (1.0.5)
    oj (3.5.0)

PLATFORMS
  ruby

DEPENDENCIES
  HDRHistogram
  benchmark-ips
  bunny (= 2.6.0)
  concurrent-ruby
  oj

BUNDLED WITH
   1.16.1
